PATH
  remote: .
  specs:
    direct (2.0.1)
      concurrent-ruby (>= 1.0)

GEM
  remote: https://rubygems.org/
  specs:
    byebug (11.1.3)
    coderay (1.1.3)
    concurrent-ruby (1.1.10)
    docile (1.4.0)
    method_source (1.0.0)
    minitest (5.16.2)
    pry (0.13.1)
      coderay (~> 1.1)
      method_source (~> 1.0)
    pry-byebug (3.9.0)
      byebug (~> 11.0)
      pry (~> 0.13.0)
    rake (13.0.6)
    simplecov (0.21.2)
      docile (~> 1.1)
      simplecov-html (~> 0.11)
      simplecov_json_formatter (~> 0.1)
    simplecov-html (0.12.3)
    simplecov_json_formatter (0.1.4)

PLATFORMS
  ruby

DEPENDENCIES
  direct!
  minitest (~> 5.15)
  pry-byebug
  rake (~> 13.0)
  simplecov

BUNDLED WITH
   2.3.17
